GEM
  remote: https://rubygems.org/
  specs:
    rake (12.0.0)
    sass (3.4.24)
    scss_lint (0.54.0)
      rake (>= 0.9, < 13)
      sass (~> 3.4.20)

PLATFORMS
  ruby

DEPENDENCIES
  sass
  scss_lint

RUBY VERSION
   ruby 2.4.0p0

BUNDLED WITH
   1.14.6
